GEM
  remote: https://rubygems.org/
  specs:
    acme-client (2.0.11)
      faraday (>= 1.0, < 3.0.0)
      faraday-retry (~> 1.0)
    docopt (0.6.1)
    equatable (0.7.0)
    faraday (2.7.2)
      faraday-net_http (>= 2.0, < 3.1)
      ruby2_keywords (>= 0.0.4)
    faraday-net_http (3.0.2)
    faraday-retry (1.0.3)
    pastel (0.7.4)
      equatable (~> 0.6)
      tty-color (~> 0.5)
    ruby2_keywords (0.0.5)
    tty-color (0.6.0)
    verbose-shell (0.2.0)
      pastel (~> 0.7.2)

PLATFORMS
  x86_64-linux

DEPENDENCIES
  acme-client (~> 2.0)
  docopt
  verbose-shell

BUNDLED WITH
   2.3.15
