GEM
  remote: https://rubygems.org/
  specs:
    acme-client (2.0.1)
      faraday (~> 0.9, >= 0.9.1)
    docopt (0.6.0)
    equatable (0.5.0)
    faraday (0.15.2)
      multipart-post (>= 1.2, < 3)
    multipart-post (2.0.0)
    pastel (0.7.2)
      equatable (~> 0.5.0)
      tty-color (~> 0.4.0)
    tty-color (0.4.2)
    verbose-shell (0.1.1)
      pastel (~> 0.7.2)

PLATFORMS
  ruby

DEPENDENCIES
  acme-client (~> 2.0)
  docopt
  verbose-shell

BUNDLED WITH
   2.1.4
