GEM
  remote: https://rubygems.org/
  specs:
    acme-client (0.5.5)
      faraday (~> 0.9, >= 0.9.1)
    docopt (0.6.0)
    faraday (0.12.0.1)
      multipart-post (>= 1.2, < 3)
    multipart-post (2.0.0)

PLATFORMS
  ruby

DEPENDENCIES
  acme-client
  docopt

BUNDLED WITH
   1.13.6
