GEM
  remote: https://rubygems.org/
  specs:
    acme-client (2.0.19)
      base64 (~> 0.2.0)
      faraday (>= 1.0, < 3.0.0)
      faraday-retry (>= 1.0, < 3.0.0)
    base64 (0.2.0)
    docopt (0.6.1)
    equatable (0.7.0)
    faraday (2.12.2)
      faraday-net_http (>= 2.0, < 3.5)
      json
      logger
    faraday-net_http (3.4.0)
      net-http (>= 0.5.0)
    faraday-retry (2.2.1)
      faraday (~> 2.0)
    json (2.10.1)
    logger (1.6.5)
    net-http (0.6.0)
      uri
    pastel (0.7.4)
      equatable (~> 0.6)
      tty-color (~> 0.5)
    tty-color (0.6.0)
    uri (1.0.2)
    verbose-shell (0.2.1)
      pastel (~> 0.7.2)

PLATFORMS
  x86_64-linux

DEPENDENCIES
  acme-client (~> 2.0)
  docopt
  verbose-shell

BUNDLED WITH
   2.6.3
