GEM
  remote: https://rubygems.org/
  specs:
    acme-client (2.0.10)
      faraday (>= 1.0, < 3.0.0)
      faraday-retry (~> 1.0)
    docopt (0.6.0)
    equatable (0.5.0)
    faraday (2.2.0)
      faraday-net_http (~> 2.0)
      ruby2_keywords (>= 0.0.4)
    faraday-net_http (2.0.1)
    faraday-retry (1.0.3)
    pastel (0.7.2)
      equatable (~> 0.5.0)
      tty-color (~> 0.4.0)
    ruby2_keywords (0.0.5)
    tty-color (0.4.2)
    verbose-shell (0.1.1)
      pastel (~> 0.7.2)

PLATFORMS
  ruby

DEPENDENCIES
  acme-client (~> 2.0)
  docopt
  verbose-shell

BUNDLED WITH
   2.1.4
